GEM
  remote: http://rubygems.org/
  specs:
    bcrypt-ruby (3.1.1)

PLATFORMS
  ruby

DEPENDENCIES
  bcrypt-ruby
